GEM
  remote: https://rubygems.org/
  specs:
    line-bot-api (1.2.2)

PLATFORMS
  ruby

DEPENDENCIES
  line-bot-api

BUNDLED WITH
   1.16.1
